GEM
  remote: http://rubygems.org/
  specs:
    minitest (5.0.0)
    rake (10.0.4)

PLATFORMS
  ruby

DEPENDENCIES
  minitest
  rake
